PATH
  remote: .
  specs:
    oauth_doorman (0.1.0)
      activesupport (~> 3.2.0)
      httpclient (~> 2.2.5)
      json (~> 1.7.3)
      rake (~> 0.9.2)

GEM
  remote: https://rubygems.org/
  specs:
    activesupport (3.2.7)
      i18n (~> 0.6)
      multi_json (~> 1.0)
    httpclient (2.2.5)
    i18n (0.6.0)
    json (1.7.3)
    multi_json (1.3.6)
    rake (0.9.2.2)

PLATFORMS
  ruby

DEPENDENCIES
  oauth_doorman!
