PATH
  remote: .
  specs:
    oauth_doorman (0.1.0)
      activesupport (~> 3.2.0)
      httpclient (~> 2.2.5)
      json (~> 1.7.3)
      rake (~> 0.9.2)

GEM
  remote: https://rubygems.org/
  specs:
    activesupport (3.2.7)
      i18n (~> 0.6)
      multi_json (~> 1.0)
    ansi (1.4.3)
    httpclient (2.2.5)
    i18n (0.6.0)
    json (1.7.3)
    multi_json (1.3.6)
    rake (0.9.2.2)
    shoulda (3.1.1)
      shoulda-context (~> 1.0)
      shoulda-matchers (~> 1.2)
    shoulda-context (1.0.0)
    shoulda-matchers (1.2.0)
      activesupport (>= 3.0.0)
    turn (0.9.6)
      ansi

PLATFORMS
  ruby

DEPENDENCIES
  oauth_doorman!
  shoulda (~> 3.1.1)
  turn (~> 0.9.6)
